PATH
  remote: .
  specs:
    si_taxi (0.0.1)
      facets (~> 2.9)
      hpricot (~> 0.8.4)

PATH
  remote: ../discrete_event
  specs:
    discrete_event (0.3.0)
      pqueue (~> 1.0.0)

PATH
  remote: ../finite_mdp
  specs:
    finite_mdp (0.0.1)
      narray (~> 0.5.9)

PATH
  remote: ../gemma
  specs:
    gemma (2.0.0)
      bundler (~> 1.0.18)
      highline (~> 1.6.2)
      minitest (~> 2.5.1)
      rake (~> 0.9.2)
      rdoc (~> 3.9.4)
      yard (~> 0.7.2)

PATH
  remote: ../gratr
  specs:
    gratr (0.5.1)

PATH
  remote: ../narray
  specs:
    narray (0.5.9.9)

GEM
  remote: http://rubygems.org/
  specs:
    facets (2.9.2)
    highline (1.6.2)
    hpricot (0.8.4)
    minitest (2.5.1)
    pqueue (1.0.0)
    rake (0.9.2)
    rdoc (3.9.4)
    shoulda (2.11.3)
    simplecov (0.4.2)
      simplecov-html (~> 0.4.4)
    simplecov-html (0.4.5)
    yard (0.7.2)

PLATFORMS
  ruby

DEPENDENCIES
  discrete_event!
  finite_mdp (>= 0.0.1, ~> 0.0)!
  gemma (~> 2.0.0)!
  gratr (>= 0.5.1, ~> 0.5)!
  narray!
  rake (>= 0.8.7, ~> 0.8)
  shoulda (>= 2.11.3, ~> 2.11)
  si_taxi!
  simplecov (>= 0.4.0, ~> 0.4)
