PATH
  remote: .
  specs:
    si_taxi (0.0.1)
      facets (~> 2.9)
      hpricot (~> 0.8.4)

PATH
  remote: ../discrete_event
  specs:
    discrete_event (0.3.0)
      pqueue (~> 1.0.0)

PATH
  remote: ../finite_mdp
  specs:
    finite_mdp (0.1.1)
      narray (~> 0.5.9)

PATH
  remote: ../gemma
  specs:
    gemma (2.1.0)
      bundler (~> 1.0.21)
      highline (~> 1.6.9)
      minitest (~> 2.5.1)
      rake (~> 0.9.2)
      rdoc (~> 3.12.0)
      yard (~> 0.7.4)

PATH
  remote: ../gratr
  specs:
    gratr (0.5.1)

PATH
  remote: ../narray
  specs:
    narray (0.5.9.9)

GEM
  remote: http://rubygems.org/
  specs:
    facets (2.9.2)
    highline (1.6.11)
    hpricot (0.8.4)
    json (1.6.5)
    minitest (2.5.1)
    pqueue (1.0.0)
    rake (0.9.2)
    rdoc (3.12)
      json (~> 1.4)
    shoulda (2.11.3)
    simplecov (0.4.2)
      simplecov-html (~> 0.4.4)
    simplecov-html (0.4.5)
    yard (0.7.5)

PLATFORMS
  ruby

DEPENDENCIES
  discrete_event!
  finite_mdp!
  gemma!
  gratr (~> 0.5, >= 0.5.1)!
  narray!
  rake (~> 0.8, >= 0.8.7)
  shoulda (~> 2.11, >= 2.11.3)
  si_taxi!
  simplecov (~> 0.4, >= 0.4.0)
